GEM
  remote: https://rubygems.org/
  specs:
    backports (3.6.7)
    better_errors (2.1.1)
      coderay (>= 1.0.0)
      erubis (>= 2.6.6)
      rack (>= 0.9.0)
    binding_of_caller (0.7.2)
      debug_inspector (>= 0.0.1)
    coderay (1.1.0)
    debug_inspector (0.0.2)
    erubis (2.7.0)
    faraday (0.9.2)
      multipart-post (>= 1.2, < 3)
    hashie (3.4.3)
    json (1.8.3)
    mail (2.6.3)
      mime-types (>= 1.16, < 3)
    mime-types (2.99)
    multi_json (1.11.2)
    multipart-post (2.0.0)
    oauth (0.4.7)
    omniauth (1.3.1)
      hashie (>= 1.2, < 4)
      rack (>= 1.0, < 3)
    omniauth-oauth (1.1.0)
      oauth
      omniauth (~> 1.0)
    omniauth-twitter (1.2.1)
      json (~> 1.3)
      omniauth-oauth (~> 1.1)
    pony (1.11)
      mail (>= 2.0)
    puma (2.15.3)
    r18n-core (1.1.11)
    rack (1.6.4)
    rack-protection (1.5.3)
      rack
    rack-test (0.6.3)
      rack (>= 1.0)
    simple_oauth (0.3.1)
    sinatra (1.4.6)
      rack (~> 1.4)
      rack-protection (~> 1.4)
      tilt (>= 1.3, < 3)
    sinatra-contrib (1.4.6)
      backports (>= 2.0)
      multi_json
      rack-protection
      rack-test
      sinatra (~> 1.4.0)
      tilt (>= 1.3, < 3)
    sinatra-env (0.0.2)
    sinatra-flash (0.3.0)
      sinatra (>= 1.0.0)
    sinatra-r18n (1.1.11)
      r18n-core (= 1.1.11)
      sinatra (>= 1.3)
    slim (2.1.0)
      temple (~> 0.6.9)
      tilt (>= 1.3.3, < 2.1)
    temple (0.6.10)
    tilt (2.0.1)
    twitter (4.8.1)
      faraday (~> 0.8, < 0.10)
      multi_json (~> 1.0)
      simple_oauth (~> 0.2)

PLATFORMS
  ruby

DEPENDENCIES
  better_errors
  binding_of_caller
  omniauth (~> 1.1)
  omniauth-twitter (~> 1.0)
  pony (~> 1.5)
  puma (~> 2.4)
  sinatra (~> 1.4)
  sinatra-contrib
  sinatra-env
  sinatra-flash
  sinatra-r18n (~> 1.1)
  slim (~> 2.0)
  twitter (~> 4.8)
